CONTENT: NONE
NUGET
  remote: https://www.nuget.org/api/v2
  specs:
    Alea.CUDA (2.0.0.3218-rc)
    Alea.CUDA.Fody (2.0.0.3218-rc)
      Alea.CUDA (2.0.0.3218-rc)
      Alea.CUDA.IL (2.0.0.3218-rc)
      Alea.IL (2.0.0.3218-rc)
      Fody (>= 1.28.0)
    Alea.CUDA.IL (2.0.0.3218-rc)
      Alea.CUDA (2.0.0.3218-rc)
      Alea.IL (2.0.0.3218-rc)
    Alea.CUDA.Unbound (2.0.0.3218-rc)
      Alea.CUDA (2.0.0.3218-rc)
      Alea.CUDA.IL (2.0.0.3218-rc)
      Alea.IL (2.0.0.3218-rc)
    Alea.IL (2.0.0.3218-rc)
    FAKE (3.24.0)
    Fody (1.28.1)
    FSharp.Charting (0.90.9)
    FSharp.Collections.ParallelSeq (1.0.2)
    FSharp.Compiler.Service (0.0.67)
    FSharp.Core (3.1.2.1)
    FSharp.Formatting (2.4.36)
      FSharp.Compiler.Service (0.0.67)
      Microsoft.AspNet.Razor (2.0.30506.0)
      RazorEngine (3.3.0)
    FsUnit (1.3.0.1)
      NUnit (>= 2.6.3)
    Microsoft.AspNet.Razor (2.0.30506.0)
    NuGet.CommandLine (2.8.3)
    NUnit (2.6.4)
    NUnit.Runners (2.6.4)
    OpenTK (1.1.1589.5942)
    RazorEngine (3.3.0)
      Microsoft.AspNet.Razor (>= 2.0.30506.0)
    SharpDX (2.5.0)
    SharpDX.Direct3D9 (2.5.0)
      SharpDX (>= 2.5.0)
    SharpDX.RawInput (2.5.0)
      SharpDX (>= 2.5.0)
